GIT
  remote: git://github.com/jamesds/country-select.git
  revision: 1695fd2416dafe9ba549f5634842c3fe2a4c8796
  specs:
    country-select (1.1.1)

GIT
  remote: https://github.com/globalize/globalize
  revision: 11f47cfee50d0442988b4e52f45eae4fce12f4e9
  specs:
    globalize (5.1.0.beta2)
      activemodel (>= 4.2, < 5.2)
      activerecord (>= 4.2, < 5.2)
      request_store (~> 1.0)

GIT
  remote: https://github.com/mfairburn/activeadmin-select2.git
  revision: f35b0367cca61266737c94ca9a94cd142c95b763
  specs:
    activeadmin-select2 (0.1.8)
      activeadmin
      jquery-rails
      select2-rails

GIT
  remote: https://github.com/tcocca/acts_as_follower.git
  revision: c5ac7b9601c4af01eb4d9112330b27be4d694ecc
  branch: master
  specs:
    acts_as_follower (0.2.1)
      activerecord (>= 4.0)

GEM
  remote: https://rubygems.org/
  specs:
    Ascii85 (1.0.3)
    CFPropertyList (2.3.5)
    actioncable (5.1.7)
      actionpack (= 5.1.7)
      nio4r (~> 2.0)
      websocket-driver (~> 0.6.1)
    actionmailer (5.1.7)
      actionpack (= 5.1.7)
      actionview (= 5.1.7)
      activejob (= 5.1.7)
      mail (~> 2.5, >= 2.5.4)
      rails-dom-testing (~> 2.0)
    actionpack (5.1.7)
      actionview (= 5.1.7)
      activesupport (= 5.1.7)
      rack (~> 2.0)
      rack-test (>= 0.6.3)
      rails-dom-testing (~> 2.0)
      rails-html-sanitizer (~> 1.0, >= 1.0.2)
    actionview (5.1.7)
      activesupport (= 5.1.7)
      builder (~> 3.1)
      erubi (~> 1.4)
      rails-dom-testing (~> 2.0)
      rails-html-sanitizer (~> 1.0, >= 1.0.3)
    activeadmin (1.1.0)
      arbre (>= 1.1.1)
      coffee-rails
      formtastic (~> 3.1)
      formtastic_i18n
      inherited_resources (~> 1.7)
      jquery-rails
      kaminari (>= 0.15, < 2.0)
      railties (>= 4.2, < 5.2)
      ransack (~> 1.3)
      sass (~> 3.1)
      sprockets (< 4.1)
    activejob (5.1.7)
      activesupport (= 5.1.7)
      globalid (>= 0.3.6)
    activemodel (5.1.7)
      activesupport (= 5.1.7)
    activerecord (5.1.7)
      activemodel (= 5.1.7)
      activesupport (= 5.1.7)
      arel (~> 8.0)
    activesupport (5.1.7)
      concurrent-ruby (~> 1.0, >= 1.0.2)
      i18n (>= 0.7, < 2)
      minitest (~> 5.1)
      tzinfo (~> 1.1)
    acts-as-taggable-on (6.0.0)
      activerecord (~> 5.0)
    acts_as_commentable (4.0.2)
    acts_as_list (0.9.9)
      activerecord (>= 3.0)
    acts_as_votable (0.11.0)
    addressable (2.5.2)
      public_suffix (>= 2.0.2, < 4.0)
    afm (0.2.2)
    airbrake (7.3.4)
      airbrake-ruby (~> 2.10)
    airbrake-ruby (2.11.0)
    amoeba (3.1.0)
      activerecord (>= 3.2.6)
    ancestry (3.0.1)
      activerecord (>= 3.2.0)
    apipie-rails (0.5.5)
      rails (>= 4.1)
    arbre (1.1.1)
      activesupport (>= 3.0.0)
    arel (8.0.0)
    ast (2.4.0)
    autoprefixer-rails (7.1.4)
      execjs
    aws-sdk (1.67.0)
      aws-sdk-v1 (= 1.67.0)
    aws-sdk-v1 (1.67.0)
      json (~> 1.4)
      nokogiri (~> 1)
    bcrypt (3.1.15)
    bindex (0.5.0)
    binding_of_caller (0.8.0)
      debug_inspector (>= 0.0.1)
    bootbox-rails (0.5.0)
    bootstrap-datepicker-rails (1.8.0.1)
      railties (>= 3.0)
    bootstrap-sass (3.3.7)
      autoprefixer-rails (>= 5.2.1)
      sass (>= 3.3.4)
    builder (3.2.3)
    byebug (9.1.0)
    capybara (3.15.1)
      addressable
      mini_mime (>= 0.1.3)
      nokogiri (~> 1.8)
      rack (>= 1.6.0)
      rack-test (>= 0.6.3)
      regexp_parser (~> 1.2)
      xpath (~> 3.2)
    carrierwave (0.11.2)
      activemodel (>= 3.2.0)
      activesupport (>= 3.2.0)
      json (>= 1.7)
      mime-types (>= 1.16)
      mimemagic (>= 0.3.0)
    carrierwave_backgrounder (0.4.2)
      carrierwave (~> 0.5)
    childprocess (1.0.1)
      rake (< 13.0)
    coderay (1.1.2)
    coffee-rails (4.2.2)
      coffee-script (>= 2.2.0)
      railties (>= 4.0.0)
    coffee-script (2.4.1)
      coffee-script-source
      execjs
    coffee-script-source (1.12.2)
    concurrent-ruby (1.1.5)
    crass (1.0.4)
    css_parser (1.6.0)
      addressable
    database_cleaner (1.7.0)
    debug_inspector (0.0.3)
    devise (4.3.0)
      bcrypt (~> 3.0)
      orm_adapter (~> 0.1)
      railties (>= 4.1.0, < 5.2)
      responders
      warden (~> 1.2.3)
    devise_token_auth (0.1.42)
      devise (> 3.5.2, <= 4.3)
      rails (< 6)
    docile (1.3.1)
    domain_name (0.5.20170404)
      unf (>= 0.0.5, < 1.0.0)
    dotenv (2.2.1)
    dotenv-rails (2.2.1)
      dotenv (= 2.2.1)
      railties (>= 3.2, < 5.2)
    erubi (1.8.0)
    erubis (2.7.0)
    et-orbi (1.1.2)
      tzinfo
    excon (0.59.0)
    execjs (2.7.0)
    factory_bot (5.0.2)
      activesupport (>= 4.2.0)
    factory_bot_rails (5.0.2)
      factory_bot (~> 5.0.2)
      railties (>= 4.2.0)
    faraday (0.11.0)
      multipart-post (>= 1.2, < 3)
    faraday-cookie_jar (0.0.6)
      faraday (>= 0.7.4)
      http-cookie (~> 1.0.0)
    faraday-encoding (0.0.4)
      faraday
    faraday-http-cache (2.0.0)
      faraday (~> 0.8)
    faraday_middleware (0.12.2)
      faraday (>= 0.7.4, < 1.0)
    fastimage (2.1.1)
    ffi (1.9.18)
    fission (0.5.0)
      CFPropertyList (~> 2.2)
    flatpickr (4.5.7.0)
    fog (1.41.0)
      fog-aliyun (>= 0.1.0)
      fog-atmos
      fog-aws (>= 0.6.0)
      fog-brightbox (~> 0.4)
      fog-cloudatcost (~> 0.1.0)
      fog-core (~> 1.45)
      fog-digitalocean (>= 0.3.0)
      fog-dnsimple (~> 1.0)
      fog-dynect (~> 0.0.2)
      fog-ecloud (~> 0.1)
      fog-google (<= 0.1.0)
      fog-internet-archive
      fog-joyent
      fog-json
      fog-local
      fog-openstack
      fog-powerdns (>= 0.1.1)
      fog-profitbricks
      fog-rackspace
      fog-radosgw (>= 0.0.2)
      fog-riakcs
      fog-sakuracloud (>= 0.0.4)
      fog-serverlove
      fog-softlayer
      fog-storm_on_demand
      fog-terremark
      fog-vmfusion
      fog-voxel
      fog-vsphere (>= 0.4.0)
      fog-xenserver
      fog-xml (~> 0.1.1)
      ipaddress (~> 0.5)
      json (>= 1.8, < 2.0)
    fog-aliyun (0.2.0)
      fog-core (~> 1.27)
      fog-json (~> 1.0)
      ipaddress (~> 0.8)
      xml-simple (~> 1.1)
    fog-atmos (0.1.0)
      fog-core
      fog-xml
    fog-aws (1.4.1)
      fog-core (~> 1.38)
      fog-json (~> 1.0)
      fog-xml (~> 0.1)
      ipaddress (~> 0.8)
    fog-brightbox (0.13.0)
      fog-core (~> 1.22)
      fog-json
      inflecto (~> 0.0.2)
    fog-cloudatcost (0.1.2)
      fog-core (~> 1.36)
      fog-json (~> 1.0)
      fog-xml (~> 0.1)
      ipaddress (~> 0.8)
    fog-core (1.45.0)
      builder
      excon (~> 0.58)
      formatador (~> 0.2)
    fog-digitalocean (0.3.0)
      fog-core (~> 1.42)
      fog-json (>= 1.0)
      fog-xml (>= 0.1)
      ipaddress (>= 0.5)
    fog-dnsimple (1.0.0)
      fog-core (~> 1.38)
      fog-json (~> 1.0)
    fog-dynect (0.0.3)
      fog-core
      fog-json
      fog-xml
    fog-ecloud (0.3.0)
      fog-core
      fog-xml
    fog-google (0.1.0)
      fog-core
      fog-json
      fog-xml
    fog-internet-archive (0.0.1)
      fog-core
      fog-json
      fog-xml
    fog-joyent (0.0.1)
      fog-core (~> 1.42)
      fog-json (>= 1.0)
    fog-json (1.0.2)
      fog-core (~> 1.0)
      multi_json (~> 1.10)
    fog-local (0.4.0)
      fog-core (~> 1.27)
    fog-openstack (0.1.21)
      fog-core (>= 1.40)
      fog-json (>= 1.0)
      ipaddress (>= 0.8)
    fog-powerdns (0.1.1)
      fog-core (~> 1.27)
      fog-json (~> 1.0)
      fog-xml (~> 0.1)
    fog-profitbricks (4.0.0)
      fog-core (~> 1.42)
      fog-json (~> 1.0)
    fog-rackspace (0.1.5)
      fog-core (>= 1.35)
      fog-json (>= 1.0)
      fog-xml (>= 0.1)
      ipaddress (>= 0.8)
    fog-radosgw (0.0.5)
      fog-core (>= 1.21.0)
      fog-json
      fog-xml (>= 0.0.1)
    fog-riakcs (0.1.0)
      fog-core
      fog-json
      fog-xml
    fog-sakuracloud (1.7.5)
      fog-core
      fog-json
    fog-serverlove (0.1.2)
      fog-core
      fog-json
    fog-softlayer (1.1.4)
      fog-core
      fog-json
    fog-storm_on_demand (0.1.1)
      fog-core
      fog-json
    fog-terremark (0.1.0)
      fog-core
      fog-xml
    fog-vmfusion (0.1.0)
      fission
      fog-core
    fog-voxel (0.1.0)
      fog-core
      fog-xml
    fog-vsphere (1.12.0)
      fog-core
      rbvmomi (~> 1.9)
    fog-xenserver (0.3.0)
      fog-core
      fog-xml
    fog-xml (0.1.3)
      fog-core
      nokogiri (>= 1.5.11, < 2.0.0)
    font-awesome-rails (4.7.0.3)
      railties (>= 3.2, < 5.2)
    font-awesome-sass (5.0.6.2)
      sass (>= 3.2)
    foreman (0.84.0)
      thor (~> 0.19.1)
    formatador (0.2.5)
    formtastic (3.1.5)
      actionpack (>= 3.2.13)
    formtastic_i18n (0.6.0)
    fugit (1.1.3)
      et-orbi (~> 1.1, >= 1.1.1)
      raabro (~> 1.1)
    globalid (0.4.2)
      activesupport (>= 4.2.0)
    haml (5.0.3)
      temple (>= 0.8.0)
      tilt
    haml-rails (1.0.0)
      actionpack (>= 4.0.1)
      activesupport (>= 4.0.1)
      haml (>= 4.0.6, < 6.0)
      html2haml (>= 1.0.1)
      railties (>= 4.0.1)
    has_scope (0.7.1)
      actionpack (>= 4.1, < 5.2)
      activesupport (>= 4.1, < 5.2)
    hashery (2.1.2)
    hashie (3.5.6)
    html2haml (2.2.0)
      erubis (~> 2.7.0)
      haml (>= 4.0, < 6)
      nokogiri (>= 1.6.0)
      ruby_parser (~> 3.5)
    html5sortable-rails (0.9.3.1)
      railties (> 4.0)
    http-cookie (1.0.3)
      domain_name (~> 0.5)
    i18n (1.6.0)
      concurrent-ruby (~> 1.0)
    inflecto (0.0.2)
    inherited_resources (1.7.2)
      actionpack (>= 3.2, < 5.2.x)
      has_scope (~> 0.6)
      railties (>= 3.2, < 5.2.x)
      responders
    interception (0.5)
    ipaddress (0.8.3)
    isotope-rails (2.2.2)
      jquery-rails
      rails (>= 4.0)
    jaro_winkler (1.5.2)
    jbuilder (2.7.0)
      activesupport (>= 4.2.0)
      multi_json (>= 1.2)
    jquery-atwho-rails (1.5.4)
    jquery-fileupload-rails (0.4.7)
      actionpack (>= 3.1)
      railties (>= 3.1)
      sass (>= 3.2)
    jquery-infinite-pages (0.2.0)
      coffee-script
      jquery-rails
      railties (>= 3.1)
    jquery-rails (4.3.1)
      rails-dom-testing (>= 1, < 3)
      railties (>= 4.2.0)
      thor (>= 0.14, < 2.0)
    jquery-slick-rails (1.8.1)
      railties (>= 3.1)
    json (1.8.6)
    jwt (1.5.6)
    kaminari (1.0.1)
      activesupport (>= 4.1.0)
      kaminari-actionview (= 1.0.1)
      kaminari-activerecord (= 1.0.1)
      kaminari-core (= 1.0.1)
    kaminari-actionview (1.0.1)
      actionview
      kaminari-core (= 1.0.1)
    kaminari-activerecord (1.0.1)
      activerecord
      kaminari-core (= 1.0.1)
    kaminari-core (1.0.1)
    launchy (2.4.3)
      addressable (~> 2.3)
    letter_opener (1.4.1)
      launchy (~> 2.2)
    libv8 (3.16.14.19)
    listen (3.0.8)
      rb-fsevent (~> 0.9, >= 0.9.4)
      rb-inotify (~> 0.9, >= 0.9.7)
    loofah (2.2.3)
      crass (~> 1.0.2)
      nokogiri (>= 1.5.9)
    mail (2.7.1)
      mini_mime (>= 0.1.1)
    mediainfo (1.3.3)
    metainspector (5.4.1)
      addressable (~> 2.5)
      faraday (~> 0.11)
      faraday-cookie_jar (~> 0.0)
      faraday-encoding (~> 0.0)
      faraday-http-cache (~> 2.0)
      faraday_middleware (~> 0.11)
      fastimage (~> 2.1)
      nesty (~> 1.0)
      nokogiri (~> 1.7)
    method_source (0.8.2)
    mime-types (3.2.2)
      mime-types-data (~> 3.2015)
    mime-types-data (3.2019.0331)
    mimemagic (0.3.2)
    mina (1.2.3)
      open4 (~> 1.3.4)
      rake
    mina-multistage (1.0.3)
      mina (~> 1.0)
    mini_magick (4.8.0)
    mini_mime (1.0.1)
    mini_portile2 (2.4.0)
    minitest (5.11.3)
    mono_logger (1.1.0)
    multi_json (1.12.2)
    multi_xml (0.6.0)
    multipart-post (2.0.0)
    mustermann (1.0.1)
    nested_form_fields (0.8.2)
      coffee-rails (>= 3.2.1)
      jquery-rails
      rails (>= 3.2.0)
    nesty (1.0.2)
    nio4r (2.3.1)
    nokogiri (1.10.3)
      mini_portile2 (~> 2.4.0)
    oauth (0.5.3)
    oauth2 (1.4.0)
      faraday (>= 0.8, < 0.13)
      jwt (~> 1.0)
      multi_json (~> 1.3)
      multi_xml (~> 0.5)
      rack (>= 1.2, < 3)
    omniauth (1.6.1)
      hashie (>= 3.4.6, < 3.6.0)
      rack (>= 1.6.2, < 3)
    omniauth-facebook (4.0.0)
      omniauth-oauth2 (~> 1.2)
    omniauth-google-oauth2 (0.5.2)
      jwt (~> 1.5)
      multi_json (~> 1.3)
      omniauth (>= 1.1.1)
      omniauth-oauth2 (>= 1.3.1)
    omniauth-linkedin (0.2.0)
      omniauth-oauth (~> 1.0)
    omniauth-oauth (1.1.0)
      oauth
      omniauth (~> 1.0)
    omniauth-oauth2 (1.4.0)
      oauth2 (~> 1.0)
      omniauth (~> 1.2)
    omniauth-twitter (1.4.0)
      omniauth-oauth (~> 1.1)
      rack
    open4 (1.3.4)
    open_uri_redirections (0.2.1)
    orm_adapter (0.5.0)
    parallel (1.17.0)
    parser (2.6.3.0)
      ast (~> 2.4.0)
    pdf-reader (2.2.1)
      Ascii85 (~> 1.0.0)
      afm (~> 0.2.1)
      hashery (~> 2.0)
      ruby-rc4
      ttfunk
    pg (0.21.0)
    pnotify-rails (3.0.0)
    polyamorous (1.3.1)
      activerecord (>= 3.0)
    pry (0.10.4)
      coderay (~> 1.1.0)
      method_source (~> 0.8.1)
      slop (~> 3.4)
    pry-rails (0.3.6)
      pry (>= 0.10.4)
    pry-rescue (1.4.5)
      interception (>= 0.5)
      pry
    public_suffix (3.0.0)
    puma (3.9.1)
    raabro (1.1.6)
    rack (2.0.7)
    rack-dev-mark (0.7.7)
      rack (>= 1.1, < 2.1)
    rack-protection (2.0.0)
      rack
    rack-test (1.1.0)
      rack (>= 1.0, < 3)
    rails (5.1.7)
      actioncable (= 5.1.7)
      actionmailer (= 5.1.7)
      actionpack (= 5.1.7)
      actionview (= 5.1.7)
      activejob (= 5.1.7)
      activemodel (= 5.1.7)
      activerecord (= 5.1.7)
      activesupport (= 5.1.7)
      bundler (>= 1.3.0)
      railties (= 5.1.7)
      sprockets-rails (>= 2.0.0)
    rails-dom-testing (2.0.3)
      activesupport (>= 4.2.0)
      nokogiri (>= 1.6)
    rails-html-sanitizer (1.0.4)
      loofah (~> 2.2, >= 2.2.2)
    rails-observers (0.1.5)
      activemodel (>= 4.0)
    rails_layout (1.0.41)
    railties (5.1.7)
      actionpack (= 5.1.7)
      activesupport (= 5.1.7)
      method_source
      rake (>= 0.8.7)
      thor (>= 0.18.1, < 2.0)
    rainbow (3.0.0)
    rake (12.3.2)
    rakismet (1.5.4)
    ransack (1.8.3)
      actionpack (>= 3.0)
      activerecord (>= 3.0)
      activesupport (>= 3.0)
      i18n
      polyamorous (~> 1.3)
    rb-fsevent (0.10.2)
    rb-inotify (0.9.10)
      ffi (>= 0.5.0, < 2)
    rbvmomi (1.11.3)
      builder (~> 3.0)
      json (>= 1.8)
      nokogiri (~> 1.5)
      trollop (~> 2.1)
    redis (3.3.3)
    redis-namespace (1.5.3)
      redis (~> 3.0, >= 3.0.4)
    ref (2.0.0)
    regexp_parser (1.5.1)
    request_store (1.3.2)
    responders (2.4.0)
      actionpack (>= 4.2.0, < 5.3)
      railties (>= 4.2.0, < 5.3)
    resque (1.27.4)
      mono_logger (~> 1.0)
      multi_json (~> 1.0)
      redis-namespace (~> 1.3)
      sinatra (>= 0.9.2)
      vegas (~> 0.1.2)
    resque-scheduler (4.3.1)
      mono_logger (~> 1.0)
      redis (>= 3.3, < 5)
      resque (~> 1.26)
      rufus-scheduler (~> 3.2)
    rmagick (2.16.0)
    roadie (3.2.2)
      css_parser (~> 1.4)
      nokogiri (~> 1.5)
    rubocop (0.71.0)
      jaro_winkler (~> 1.5.1)
      parallel (~> 1.10)
      parser (>= 2.6)
      rainbow (>= 2.2.2, < 4.0)
      ruby-progressbar (~> 1.7)
      unicode-display_width (>= 1.4.0, < 1.7)
    rubocop-rails (2.0.0)
      rack (>= 2.0)
      rubocop (>= 0.70.0)
    ruby-progressbar (1.10.1)
    ruby-rc4 (0.1.5)
    ruby_parser (3.10.1)
      sexp_processor (~> 4.9)
    rubyzip (1.2.3)
    rufus-scheduler (3.5.0)
      fugit (~> 1.1, >= 1.1.1)
    s3_direct_upload (0.1.7)
      coffee-rails (>= 3.1)
      jquery-fileupload-rails (~> 0.4.1)
      rails (>= 3.1)
      sass-rails (>= 3.1)
    sass (3.5.1)
      sass-listen (~> 4.0.0)
    sass-listen (4.0.0)
      rb-fsevent (~> 0.9, >= 0.9.4)
      rb-inotify (~> 0.9, >= 0.9.7)
    sass-rails (5.0.6)
      railties (>= 4.0.0, < 6)
      sass (~> 3.1)
      sprockets (>= 2.8, < 4.0)
      sprockets-rails (>= 2.0, < 4.0)
      tilt (>= 1.1, < 3)
    select2-rails (4.0.3)
      thor (~> 0.14)
    selenium-webdriver (3.142.3)
      childprocess (>= 0.5, < 2.0)
      rubyzip (~> 1.2, >= 1.2.2)
    sexp_processor (4.10.0)
    simplecov (0.16.1)
      docile (~> 1.1)
      json (>= 1.8, < 3)
      simplecov-html (~> 0.10.0)
    simplecov-html (0.10.2)
    sinatra (2.0.0)
      mustermann (~> 1.0)
      rack (~> 2.0)
      rack-protection (= 2.0.0)
      tilt (~> 2.0)
    slop (3.6.0)
    sprockets (3.7.2)
      concurrent-ruby (~> 1.0)
      rack (> 1, < 3)
    sprockets-rails (3.2.1)
      actionpack (>= 4.0)
      activesupport (>= 4.0)
      sprockets (>= 3.0.0)
    temple (0.8.0)
    therubyracer (0.12.3)
      libv8 (~> 3.16.14.15)
      ref
    thor (0.19.4)
    thread_safe (0.3.6)
    tilt (2.0.8)
    trollop (2.1.2)
    ttfunk (1.5.1)
    tzinfo (1.2.5)
      thread_safe (~> 0.1)
    uglifier (3.2.0)
      execjs (>= 0.3.0, < 3)
    unf (0.1.4)
      unf_ext
    unf_ext (0.0.7.4)
    unicode-display_width (1.6.0)
    unobtrusive_flash (3.3.1)
      railties
    vegas (0.1.11)
      rack (>= 1.0.0)
    warden (1.2.7)
      rack (>= 1.0)
    web-console (3.5.1)
      actionview (>= 5.0)
      activemodel (>= 5.0)
      bindex (>= 0.4.0)
      railties (>= 5.0)
    websocket-driver (0.6.5)
      websocket-extensions (>= 0.1.0)
    websocket-extensions (0.1.3)
    wicked_pdf (1.4.0)
      activesupport
    wysiwyg-rails (2.7.6)
      font-awesome-sass (>= 4.4.0)
      railties (>= 3.2, < 6.0)
    xml-simple (1.1.5)
    xpath (3.2.0)
      nokogiri (~> 1.8)

PLATFORMS
  ruby

DEPENDENCIES
  activeadmin
  activeadmin-select2!
  acts-as-taggable-on (~> 6.0)
  acts_as_commentable
  acts_as_follower!
  acts_as_list
  acts_as_votable
  airbrake (~> 7.3)
  amoeba
  ancestry
  apipie-rails
  aws-sdk (< 2.0)
  binding_of_caller
  bootbox-rails (~> 0.4)
  bootstrap-datepicker-rails
  bootstrap-sass
  byebug
  capybara
  carrierwave
  carrierwave_backgrounder
  coffee-rails (~> 4.2)
  country-select!
  database_cleaner
  devise
  devise_token_auth (>= 0.1.40)
  dotenv-rails
  factory_bot_rails
  flatpickr
  fog
  font-awesome-rails
  foreman
  formtastic
  globalize!
  haml-rails
  html5sortable-rails
  isotope-rails
  jbuilder (~> 2.5)
  jquery-atwho-rails
  jquery-infinite-pages
  jquery-rails
  jquery-slick-rails
  kaminari
  letter_opener
  listen (~> 3.0.5)
  mail
  mediainfo
  metainspector
  mina-multistage
  mini_magick (~> 4.3, >= 4.3.6)
  nested_form_fields
  omniauth-facebook
  omniauth-google-oauth2
  omniauth-linkedin
  omniauth-twitter
  open_uri_redirections
  pdf-reader
  pg
  pnotify-rails
  pry-rails
  pry-rescue
  puma (~> 3.9.1)
  rack-dev-mark
  rails (~> 5.1)
  rails-observers
  rails_layout
  rakismet
  responders
  resque
  resque-scheduler
  rmagick (= 2.16.0)
  roadie
  rubocop-rails
  s3_direct_upload
  sass-rails (~> 5.0)
  select2-rails (~> 4.0.3)
  selenium-webdriver
  simplecov
  therubyracer
  tzinfo-data
  uglifier (>= 1.3.0)
  unobtrusive_flash (>= 3)
  web-console (>= 3.3.0)
  wicked_pdf
  wysiwyg-rails

RUBY VERSION
   ruby 2.3.1p112

BUNDLED WITH
   2.0.2
